GEM
  remote: https://rubygems.org/
  specs:
    coderay (1.1.3)
    matrix (0.4.2)
    method_source (1.1.0)
    minitest (5.25.2)
    pry (0.15.0)
      coderay (~> 1.1)
      method_source (~> 1.0)

PLATFORMS
  arm64-darwin-22
  ruby

DEPENDENCIES
  matrix
  minitest
  pry

RUBY VERSION
   ruby 3.2.2p53

BUNDLED WITH
   2.5.16
