GEM
  remote: https://rubygems.org/
  specs:
    minitest (5.25.2)

PLATFORMS
  arm64-darwin-22
  ruby

DEPENDENCIES
  minitest

RUBY VERSION
   ruby 3.2.2p53

BUNDLED WITH
   2.5.16
